GEM
  remote: https://rubygems.org/
  specs:
    nokogiri (1.12.5-x64-mingw32)
      racc (~> 1.4)
    racc (1.6.0)
    roo (2.8.3)
      nokogiri (~> 1)
      rubyzip (>= 1.3.0, < 3.0.0)
    ruby-ole (1.2.12.2)
    rubyzip (2.3.2)
    spreadsheet (1.3.0)
      ruby-ole

PLATFORMS
  x64-mingw32

DEPENDENCIES
  roo (~> 2.8.0)
  spreadsheet

BUNDLED WITH
   2.2.32
